GEM
  remote: http://rubygems.org/
  specs:
    addressable (2.3.5)
    engineyard (2.3.2)
      engineyard-cloud-client (~> 1.0.16)
      engineyard-serverside-adapter (= 2.2.0)
      escape (~> 0.0.4)
      highline (~> 1.6.1)
      launchy (~> 2.1)
      net-ssh (~> 2.2)
      rest-client (~> 1.6.0)
    engineyard-cloud-client (1.0.16)
      mime-types (~> 1.16)
      multi_json (~> 1.6)
      rest-client (~> 1.6.1)
    engineyard-serverside-adapter (2.2.0)
      escape (~> 0.0.4)
      multi_json (~> 1.6)
    escape (0.0.4)
    highline (1.6.20)
    launchy (2.4.2)
      addressable (~> 2.3)
    mime-types (1.25.1)
    multi_json (1.8.4)
    net-ssh (2.8.0)
    rest-client (1.6.7)
      mime-types (>= 1.16)

PLATFORMS
  ruby

DEPENDENCIES
  engineyard
